GIT
  remote: git://github.com/travis-ci/travis-support.git
  revision: cdffe6e0845f3a40f7653bc02b469b55ac380842
  specs:
    travis-support (0.0.1)

GIT
  remote: https://github.com/juno/pusher-gem.git
  revision: d025ccb9e72981c012d5671a52cf93004258b54f
  ref: d025ccb
  specs:
    pusher (0.8.4)
      multi_json (>= 1.0)
      ruby-hmac (>= 0.4.0)
      signature (>= 0.1.2)

PATH
  remote: .
  specs:
    travis-core (0.0.1)
      actionmailer_inline_css (~> 1.3.0)
      data_migrations (~> 0.0.1)
      devise (~> 1.5.0)
      hashr (~> 0.0.19)
      hpricot (~> 0.8.4)
      oa-oauth (~> 0.3.2)
      octokit (~> 0.6.5)
      omniauth
      postmark-rails (~> 0.4.1)
      rabl (~> 0.5.1)
      rails (~> 3.1.2)
      rake (~> 0.9.2.2)
      simple_states (~> 0.1.0.pre2)
      thor (~> 0.14.6)

GEM
  remote: http://rubygems.org/
  specs:
    actionmailer (3.1.3)
      actionpack (= 3.1.3)
      mail (~> 2.3.0)
    actionmailer_inline_css (1.3.1)
      actionmailer (>= 3.0.0)
      nokogiri (>= 1.4.4)
      premailer (>= 1.7.1)
    actionpack (3.1.3)
      activemodel (= 3.1.3)
      activesupport (= 3.1.3)
      builder (~> 3.0.0)
      erubis (~> 2.7.0)
      i18n (~> 0.6)
      rack (~> 1.3.5)
      rack-cache (~> 1.1)
      rack-mount (~> 0.8.2)
      rack-test (~> 0.6.1)
      sprockets (~> 2.0.3)
    activemodel (3.1.3)
      activesupport (= 3.1.3)
      builder (~> 3.0.0)
      i18n (~> 0.6)
    activerecord (3.1.3)
      activemodel (= 3.1.3)
      activesupport (= 3.1.3)
      arel (~> 2.2.1)
      tzinfo (~> 0.3.29)
    activerecord-jdbc-adapter (1.2.0)
    activerecord-jdbcpostgresql-adapter (1.2.0)
      activerecord-jdbc-adapter (~> 1.2.0)
      jdbc-postgres (~> 9.0.0)
    activeresource (3.1.3)
      activemodel (= 3.1.3)
      activesupport (= 3.1.3)
    activesupport (3.1.3)
      multi_json (~> 1.0)
    addressable (2.2.6)
    amq-client (0.8.6)
      amq-protocol (>= 0.8.4)
      eventmachine
    amq-protocol (0.8.4)
    amqp (0.8.3)
      amq-client (~> 0.8.6)
      amq-protocol (~> 0.8.4)
      eventmachine
    arel (2.2.1)
    bcrypt-ruby (3.0.1)
    bcrypt-ruby (3.0.1-java)
    bouncy-castle-java (1.5.0146.1)
    builder (3.0.0)
    crack (0.3.1)
    css_parser (1.2.5)
      addressable
    data_migrations (0.0.1)
      activerecord
      rake
    database_cleaner (0.6.7)
    devise (1.5.2)
      bcrypt-ruby (~> 3.0)
      orm_adapter (~> 0.0.3)
      warden (~> 1.1)
    diff-lcs (1.1.3)
    erubis (2.7.0)
    eventmachine (0.12.10)
    factory_girl (2.1.2)
      activesupport
    faraday (0.7.5)
      addressable (~> 2.2.6)
      multipart-post (~> 1.1.3)
      rack (>= 1.1.0, < 2)
    faraday_middleware (0.7.0)
      faraday (~> 0.7.3)
    hashie (1.2.0)
    hashr (0.0.19)
    hike (1.2.1)
    hot_bunnies (1.3.3-java)
    hpricot (0.8.5)
    hpricot (0.8.5-java)
    htmlentities (4.3.1)
    i18n (0.6.0)
    jdbc-postgres (9.0.801)
    jruby-openssl (0.7.4)
      bouncy-castle-java
    json (1.6.3)
    json (1.6.3-java)
    mail (2.3.0)
      i18n (>= 0.4.0)
      mime-types (~> 1.16)
      treetop (~> 1.4.8)
    metaclass (0.0.1)
    mime-types (1.17.2)
    mocha (0.10.0)
      metaclass (~> 0.0.1)
    multi_json (1.0.4)
    multi_xml (0.4.1)
    multipart-post (1.1.4)
    nokogiri (1.5.0)
    nokogiri (1.5.0-java)
    oa-core (0.3.2)
    oa-oauth (0.3.2)
      faraday (~> 0.7.3)
      multi_json (~> 1.0.0)
      multi_xml (~> 0.4.0)
      oa-core (= 0.3.2)
      oauth (~> 0.4.0)
      oauth2 (~> 0.5.0)
    oauth (0.4.5)
    oauth2 (0.5.1)
      faraday (~> 0.7.4)
      multi_json (~> 1.0.3)
    octokit (0.6.5)
      addressable (~> 2.2.6)
      faraday (~> 0.7.4)
      faraday_middleware (~> 0.7.0)
      hashie (~> 1.2.0)
      multi_json (~> 1.0.2)
    omniauth (1.0.1)
      hashie (~> 1.2)
      rack
    orm_adapter (0.0.5)
    pg (0.11.0)
    polyglot (0.3.3)
    postmark (0.9.8)
    postmark-rails (0.4.1)
      actionmailer
      postmark (>= 0.9.0)
      rake
    premailer (1.7.3)
      css_parser (>= 1.1.9)
      htmlentities (>= 4.0.0)
    rabl (0.5.1)
      activesupport (>= 2.3.14)
      multi_json (~> 1.0.3)
    rack (1.3.5)
    rack-cache (1.1)
      rack (>= 0.4)
    rack-mount (0.8.3)
      rack (>= 1.0.0)
    rack-ssl (1.3.2)
      rack
    rack-test (0.6.1)
      rack (>= 1.0)
    rails (3.1.3)
      actionmailer (= 3.1.3)
      actionpack (= 3.1.3)
      activerecord (= 3.1.3)
      activeresource (= 3.1.3)
      activesupport (= 3.1.3)
      bundler (~> 1.0)
      railties (= 3.1.3)
    railties (3.1.3)
      actionpack (= 3.1.3)
      activesupport (= 3.1.3)
      rack-ssl (~> 1.3.2)
      rake (>= 0.8.7)
      rdoc (~> 3.4)
      thor (~> 0.14.6)
    rake (0.9.2.2)
    rdoc (3.11)
      json (~> 1.4)
    rspec (2.7.0)
      rspec-core (~> 2.7.0)
      rspec-expectations (~> 2.7.0)
      rspec-mocks (~> 2.7.0)
    rspec-core (2.7.1)
    rspec-expectations (2.7.0)
      diff-lcs (~> 1.1.2)
    rspec-mocks (2.7.0)
    ruby-hmac (0.4.0)
    signature (0.1.2)
      ruby-hmac
    silent-postgres (0.0.8)
    simple_states (0.1.0.pre2)
      activesupport
      hashr (~> 0.0.10)
    sprockets (2.0.3)
      hike (~> 1.2)
      rack (~> 1.0)
      tilt (~> 1.1, != 1.3.0)
    standalone_migrations (1.0.5)
      activerecord (>= 3)
      rake
    thor (0.14.6)
    tilt (1.3.3)
    treetop (1.4.10)
      polyglot
      polyglot (>= 0.3.1)
    tzinfo (0.3.31)
    warden (1.1.0)
      rack (>= 1.0)
    webmock (1.7.8)
      addressable (~> 2.2, > 2.2.5)
      crack (>= 0.1.7)

PLATFORMS
  java
  ruby

DEPENDENCIES
  activerecord-jdbc-adapter (= 1.2.0)
  activerecord-jdbcpostgresql-adapter (= 1.2.0)
  amqp (~> 0.8.3)
  database_cleaner (~> 0.6.7)
  factory_girl (~> 2.1.2)
  hot_bunnies (~> 1.3.3)
  jruby-openssl (~> 0.7.4)
  mocha (~> 0.10.0)
  pg (~> 0.11.0)
  pusher!
  rspec (~> 2.7.0)
  silent-postgres (~> 0.0.8)
  standalone_migrations (~> 1.0.5)
  travis-core!
  travis-support!
  webmock (~> 1.7.7)
